GIT
  remote: git://github.com/technoweenie/faraday.git
  revision: 9619f80341610cfdc69b30325f3c598aa1578c25
  specs:
    faraday (0.9.0.pre)
      multipart-post (~> 1.1)

GEM
  remote: https://rubygems.org/
  specs:
    actionmailer (3.2.3)
      actionpack (= 3.2.3)
      mail (~> 2.4.4)
    actionpack (3.2.3)
      activemodel (= 3.2.3)
      activesupport (= 3.2.3)
      builder (~> 3.0.0)
      erubis (~> 2.7.0)
      journey (~> 1.0.1)
      rack (~> 1.4.0)
      rack-cache (~> 1.2)
      rack-test (~> 0.6.1)
      sprockets (~> 2.1.2)
    activemodel (3.2.3)
      activesupport (= 3.2.3)
      builder (~> 3.0.0)
    activerecord (3.2.3)
      activemodel (= 3.2.3)
      activesupport (= 3.2.3)
      arel (~> 3.0.2)
      tzinfo (~> 0.3.29)
    activeresource (3.2.3)
      activemodel (= 3.2.3)
      activesupport (= 3.2.3)
    activesupport (3.2.3)
      i18n (~> 0.6)
      multi_json (~> 1.0)
    arel (3.0.2)
    asset_sync (0.4.1)
      activemodel
      fog
    attr_required (0.0.5)
    bcrypt-ruby (3.0.1)
    bootstrap-sass (2.0.4.1)
    builder (3.0.0)
    bullet (4.1.6)
      uniform_notifier (~> 1.0.0)
    capistrano (2.12.0)
      highline
      net-scp (>= 1.0.0)
      net-sftp (>= 2.0.0)
      net-ssh (>= 2.0.14)
      net-ssh-gateway (>= 1.1.0)
    carrierwave (0.6.2)
      activemodel (>= 3.2.0)
      activesupport (>= 3.2.0)
    daemons (1.1.9)
    dalli (2.0.4)
    devise (2.0.4)
      bcrypt-ruby (~> 3.0)
      orm_adapter (~> 0.0.3)
      railties (~> 3.1)
      warden (~> 1.1.1)
    dynamic_models (0.3.2)
    erubis (2.7.0)
    eventmachine (0.12.10)
    excon (0.13.4)
    execjs (1.4.0)
      multi_json (~> 1.0)
    fb_graph (2.4.19)
      httpclient (>= 2.2.0.2)
      rack-oauth2 (>= 0.14.4)
      tzinfo
    fog (1.3.1)
      builder
      excon (~> 0.13.0)
      formatador (~> 0.2.0)
      mime-types
      multi_json (~> 1.0)
      net-scp (~> 1.0.4)
      net-ssh (>= 2.1.3)
      nokogiri (~> 1.5.0)
      ruby-hmac
    foreigner (1.1.6)
      activerecord (>= 3.0.0)
    formatador (0.2.3)
    formtastic (2.2.0)
      actionpack (>= 3.0)
    geocoder (1.1.2)
    haml (3.1.5)
    haml-rails (0.3.4)
      actionpack (~> 3.0)
      activesupport (~> 3.0)
      haml (~> 3.0)
      railties (~> 3.0)
    hashie (1.2.0)
    highline (1.6.14)
    hike (1.2.1)
    hpricot (0.8.6)
    httpauth (0.1)
    httpclient (2.2.7)
    i18n (0.6.0)
    journey (1.0.4)
    jquery-rails (2.0.2)
      railties (>= 3.2.0, < 5.0)
      thor (~> 0.14)
    json (1.7.5)
    json_output_helper (0.1.0)
    jwt (0.1.5)
      multi_json (>= 1.0)
    kaminari (0.13.0)
      actionpack (>= 3.0.0)
      activesupport (>= 3.0.0)
      railties (>= 3.0.0)
    libv8 (3.3.10.4)
    mail (2.4.4)
      i18n (>= 0.4.0)
      mime-types (~> 1.16)
      treetop (~> 1.4.8)
    mime-types (1.19)
    multi_json (1.3.6)
    multipart-post (1.1.5)
    mysql2 (0.3.11)
    net-scp (1.0.4)
      net-ssh (>= 1.99.1)
    net-sftp (2.0.5)
      net-ssh (>= 2.0.9)
    net-ssh (2.5.2)
    net-ssh-gateway (1.1.0)
      net-ssh (>= 1.99.1)
    nokogiri (1.5.5)
    oauth (0.4.6)
    oauth2 (0.8.0)
      faraday (~> 0.8)
      httpauth (~> 0.1)
      jwt (~> 0.1.4)
      multi_json (~> 1.0)
      rack (~> 1.2)
    omniauth (1.1.1)
      hashie (~> 1.2)
      rack
    omniauth-facebook (1.3.0)
      omniauth-oauth2 (~> 1.0.2)
    omniauth-foursquare (0.0.8)
      omniauth (~> 1.0)
      omniauth-oauth2 (~> 1.0)
    omniauth-google-oauth2 (0.1.13)
      omniauth (~> 1.0)
      omniauth-oauth2
    omniauth-oauth (1.0.0)
      oauth
      omniauth (~> 1.0)
    omniauth-oauth2 (1.0.3)
      oauth2 (~> 0.8.0)
      omniauth (~> 1.0)
    omniauth-tumblr (1.1)
      omniauth-oauth (~> 1.0)
    omniauth-twitter (0.0.7)
      omniauth-oauth (~> 1.0)
    orm_adapter (0.0.7)
    plupload-rails (1.0.6)
      rails (~> 3.1)
    polyglot (0.3.3)
    rack (1.4.1)
    rack-cache (1.2)
      rack (>= 0.4)
    rack-oauth2 (0.14.9)
      activesupport (>= 2.3)
      attr_required (>= 0.0.5)
      httpclient (>= 2.2.0.2)
      i18n
      multi_json (>= 1.3.6)
      rack (>= 1.1)
    rack-ssl (1.3.2)
      rack
    rack-test (0.6.1)
      rack (>= 1.0)
    rails (3.2.3)
      actionmailer (= 3.2.3)
      actionpack (= 3.2.3)
      activerecord (= 3.2.3)
      activeresource (= 3.2.3)
      activesupport (= 3.2.3)
      bundler (~> 1.0)
      railties (= 3.2.3)
    railties (3.2.3)
      actionpack (= 3.2.3)
      activesupport (= 3.2.3)
      rack-ssl (~> 1.3.2)
      rake (>= 0.8.7)
      rdoc (~> 3.4)
      thor (~> 0.14.6)
    rake (0.9.2.2)
    rdoc (3.12)
      json (~> 1.4)
    rmagick (2.13.1)
    ruby-hmac (0.4.0)
    ruby_parser (2.3.1)
      sexp_processor (~> 3.0)
    sass (3.1.17)
    sass-rails (3.2.5)
      railties (~> 3.2.0)
      sass (>= 3.1.10)
      tilt (~> 1.3)
    sexp_processor (3.2.0)
    sprockets (2.1.3)
      hike (~> 1.2)
      rack (~> 1.0)
      tilt (~> 1.1, != 1.3.0)
    therubyracer (0.10.1)
      libv8 (~> 3.3.10)
    thin (1.3.1)
      daemons (>= 1.0.9)
      eventmachine (>= 0.12.6)
      rack (>= 1.0.0)
    thor (0.14.6)
    tilt (1.3.3)
    treetop (1.4.10)
      polyglot
      polyglot (>= 0.3.1)
    tzinfo (0.3.33)
    uglifier (1.2.7)
      execjs (>= 0.3.0)
      multi_json (~> 1.3)
    uniform_notifier (1.0.2)
    warden (1.1.1)
      rack (>= 1.0)

PLATFORMS
  ruby

DEPENDENCIES
  asset_sync (= 0.4.1)
  bootstrap-sass (~> 2.0.4.1)
  bullet
  capistrano (= 2.12.0)
  carrierwave (= 0.6.2)
  dalli (= 2.0.4)
  devise (= 2.0.4)
  dynamic_models (= 0.3.2)
  faraday!
  fb_graph
  fog (= 1.3.1)
  foreigner (= 1.1.6)
  formtastic (= 2.2.0)
  geocoder (= 1.1.2)
  haml (= 3.1.5)
  haml-rails (= 0.3.4)
  hpricot (= 0.8.6)
  jquery-rails (= 2.0.2)
  json_output_helper (= 0.1.0)
  kaminari (= 0.13.0)
  mysql2 (= 0.3.11)
  omniauth-facebook (= 1.3.0)
  omniauth-foursquare
  omniauth-google-oauth2
  omniauth-tumblr
  omniauth-twitter (= 0.0.7)
  plupload-rails (= 1.0.6)
  rack-cache
  rails (= 3.2.3)
  rmagick (= 2.13.1)
  ruby_parser (= 2.3.1)
  sass (= 3.1.17)
  sass-rails (~> 3.2.3)
  therubyracer (= 0.10.1)
  thin (= 1.3.1)
  uglifier (>= 1.0.3)
